STORAGE: PACKAGES
RESTRICTION: == win8

GROUP CodeGen
RESTRICTION: == net50
NUGET
  remote: https://www.nuget.org/api/v2
    FSharp.Core (5.0.2)
    FsPickler (5.3.2)
      FSharp.Core (>= 4.3.2)
      System.Reflection.Emit.Lightweight (>= 4.3)
    System.Reflection.Emit.Lightweight (4.7)

GROUP Test
RESTRICTION: || (== net48) (== net50)
NUGET
  remote: https://www.nuget.org/api/v2
    FSharp.Core (5.0.2)
    FsPickler (5.3.2)
      FSharp.Core (>= 4.3.2)
      System.Reflection.Emit.Lightweight (>= 4.3) - restriction: || (&& (== net48) (< net45)) (== net50)
    Microsoft.NETCore.Platforms (5.0.2) - restriction: || (&& (== net48) (< net35)) (&& (== net48) (>= netcoreapp2.0)) (&& (== net48) (< netstandard1.0) (>= win8)) (&& (== net48) (< netstandard1.3) (>= wpa81)) (&& (== net48) (< netstandard1.5) (>= uap10.0)) (&& (== net48) (>= uap10.1)) (&& (== net48) (>= wp8)) (== net50)
    NETStandard.Library (2.0.3) - restriction: || (&& (== net48) (< net35)) (== net50)
      Microsoft.NETCore.Platforms (>= 1.1)
    NUnit (3.13.2)
      NETStandard.Library (>= 2.0) - restriction: || (&& (== net48) (< net35)) (== net50)
    NUnit.Console (3.12)
      NUnit.ConsoleRunner (>= 3.12)
      NUnit.Extension.NUnitProjectLoader (>= 3.6)
      NUnit.Extension.NUnitV2Driver (>= 3.8)
      NUnit.Extension.NUnitV2ResultWriter (>= 3.6)
      NUnit.Extension.TeamCityEventListener (>= 1.0.7)
      NUnit.Extension.VSProjectLoader (>= 3.8)
    NUnit.ConsoleRunner (3.12)
    NUnit.Extension.NUnitProjectLoader (3.6)
    NUnit.Extension.NUnitV2Driver (3.8)
    NUnit.Extension.NUnitV2ResultWriter (3.6)
    NUnit.Extension.TeamCityEventListener (1.0.7)
    NUnit.Extension.VSProjectLoader (3.8)
    NUnit3TestAdapter (4.0.0) - version_in_path: true
    System.Reflection.Emit.Lightweight (4.7) - restriction: || (&& (== net48) (< net45)) (== net50)
